GEM
  remote: https://rubygems.org/
  specs:
    mixpanel-ruby (2.2.0)

PLATFORMS
  ruby

DEPENDENCIES
  mixpanel-ruby

BUNDLED WITH
   1.10.5
